GEM
  remote: https://rubygems.org/
  specs:
    diff-lcs (1.1.3)
    git (1.3.0)
    jeweler (1.8.4)
      bundler (~> 1.0)
      git (>= 1.2.5)
      rake
      rdoc
    rake (12.0.0)
    rdoc (5.0.0)
    rspec (2.11.0)
      rspec-core (~> 2.11.0)
      rspec-expectations (~> 2.11.0)
      rspec-mocks (~> 2.11.0)
    rspec-core (2.11.1)
    rspec-expectations (2.11.3)
      diff-lcs (~> 1.1.3)
    rspec-mocks (2.11.3)

PLATFORMS
  ruby

DEPENDENCIES
  jeweler (= 1.8.4)
  rspec (= 2.11)

BUNDLED WITH
   1.13.6
